PATH
  remote: .
  specs:
    warcan (0.0.1)

GEM
  remote: http://rubygems.org/
  specs:

PLATFORMS
  ruby

DEPENDENCIES
  warcan!
